GEM
  remote: http://rubygems.org/
  specs:
    actionmailer (2.3.5)
      actionpack (= 2.3.5)
    actionpack (2.3.5)
      activesupport (= 2.3.5)
      rack (~> 1.0.0)
    activerecord (2.3.5)
      activesupport (= 2.3.5)
    activeresource (2.3.5)
      activesupport (= 2.3.5)
    activesupport (2.3.5)
    faraday (0.9.1)
      multipart-post (>= 1.2, < 3)
    fastthread (1.0.7)
    gdal (0.0.5)
    georuby (2.0.0)
    hashie (3.3.2)
    hpricot (0.8.6)
    httpauth (0.2.1)
    i18n (0.4.2)
    libxml-ruby (2.6.0)
    multi_json (1.10.1)
    multipart-post (2.0.0)
    nokogiri (1.5.5)
    oauth2 (0.6.1)
      faraday (~> 0.7)
      httpauth (~> 0.1)
      multi_json (~> 1.3)
    omniauth (1.2.2)
      hashie (>= 1.2, < 4)
      rack (~> 1.0)
    omniauth-google-oauth2 (0.2.2)
      omniauth (~> 1.0)
      omniauth-oauth2
    omniauth-linkedin-oauth2 (0.1.5)
      omniauth (~> 1.0)
      omniauth-oauth2
    omniauth-oauth2 (1.0.2)
      oauth2 (~> 0.6.0)
      omniauth (~> 1.0)
    pg (0.15.1)
    rack (1.0.1)
    rails (2.3.5)
      actionmailer (= 2.3.5)
      actionpack (= 2.3.5)
      activerecord (= 2.3.5)
      activeresource (= 2.3.5)
      activesupport (= 2.3.5)
      rake (>= 0.8.3)
    rake (0.9.2.2)
    ruby_mapscript (0.3.0)
    simple-rss (1.2.3)
    will_paginate (3.0.7)
    will_paginate-bootstrap (1.0.1)
      will_paginate (>= 3.0.3)
    yahoo-geoplanet (0.2.1)
      activesupport (> 2.1.0)
      hpricot (> 0.6)

PLATFORMS
  ruby

DEPENDENCIES
  fastthread
  gdal
  georuby
  i18n (= 0.4.2)
  libxml-ruby
  nokogiri (= 1.5.5)
  omniauth-google-oauth2
  omniauth-linkedin-oauth2
  pg
  rails (= 2.3.5)
  rake (= 0.9.2.2)
  ruby_mapscript
  simple-rss
  will_paginate-bootstrap
  yahoo-geoplanet
